GEM
  remote: https://rubygems.org/
  specs:
    rasem (0.6.1)
    savage (1.2.0)

PLATFORMS
  ruby

DEPENDENCIES
  rasem
  savage
