GEM
  remote: https://rubygems.org/
  specs:
    rasem (0.6.1)

PLATFORMS
  ruby

DEPENDENCIES
  rasem
